PATH
  remote: .
  specs:
    lsolr (0.0.7)

GEM
  remote: https://rubygems.org/
  specs:
    ast (2.3.0)
    parallel (1.12.0)
    parser (2.4.0.2)
      ast (~> 2.3)
    power_assert (1.1.1)
    powerpack (0.1.1)
    rainbow (2.2.2)
      rake
    rake (12.3.0)
    rubocop (0.51.0)
      parallel (~> 1.10)
      parser (>= 2.3.3.1, < 3.0)
      powerpack (~> 0.1)
      rainbow (>= 2.2.2, < 3.0)
      ruby-progressbar (~> 1.7)
      unicode-display_width (~> 1.0, >= 1.0.1)
    ruby-progressbar (1.9.0)
    test-unit (3.2.6)
      power_assert
    unicode-display_width (1.3.0)

PLATFORMS
  ruby

DEPENDENCIES
  lsolr!
  rake
  rubocop
  test-unit

BUNDLED WITH
   1.16.0
